PATH
  remote: .
  specs:
    raptor (0.0.1)
      rack
      tilt

GEM
  remote: https://rubygems.org/
  specs:
    diff-lcs (1.1.3)
    rack (1.3.3)
    rspec (2.6.0)
      rspec-core (~> 2.6.0)
      rspec-expectations (~> 2.6.0)
      rspec-mocks (~> 2.6.0)
    rspec-core (2.6.4)
    rspec-expectations (2.6.0)
      diff-lcs (~> 1.1.2)
    rspec-mocks (2.6.0)
    tilt (1.3.3)

PLATFORMS
  ruby

DEPENDENCIES
  raptor!
  rspec
